GIT
  remote: git@github.com:stiller/fog.git
  revision: 017ce23a256baad9ba8870509c0740e59e75823b
  branch: path_style
  specs:
    fog (1.10.0)
      builder
      excon (~> 0.14)
      formatador (~> 0.2.0)
      mime-types
      multi_json (~> 1.0)
      net-scp (~> 1.1)
      net-ssh (>= 2.1.3)
      nokogiri (~> 1.5.0)
      ruby-hmac

GEM
  remote: https://rubygems.org/
  specs:
    atomic (1.1.6)
    atomic (1.1.6-java)
    builder (3.2.0)
    coderay (1.0.7)
    excon (0.19.5)
    formatador (0.2.4)
    method_source (0.8)
    mime-types (1.21)
    multi_json (1.6.1)
    net-scp (1.1.0)
      net-ssh (>= 2.6.5)
    net-ssh (2.6.6)
    nokogiri (1.5.6)
    nokogiri (1.5.6-java)
    parallel (0.6.2)
    pry (0.9.10)
      coderay (~> 1.0.5)
      method_source (~> 0.8)
      slop (~> 3.3.1)
    pry (0.9.10-java)
      coderay (~> 1.0.5)
      method_source (~> 0.8)
      slop (~> 3.3.1)
      spoon (~> 0.0)
    ruby-hmac (0.4.0)
    slop (3.3.3)
    spoon (0.0.1)
    thread_safe (0.1.0)
      atomic

PLATFORMS
  java
  ruby

DEPENDENCIES
  fog!
  parallel
  pry
  thread_safe
